GEM
  remote: https://rubygems.org/
  specs:
    abnc (0.1.0)
    abnftt (0.2.2)
    cbor-canonical (0.1.2)
    cbor-deterministic (0.1.3)
    cbor-diag (0.7.6)
      cbor-canonical
      cbor-deterministic
      cbor-packed
      json
      neatjson
      treetop (~> 1)
    cbor-packed (0.1.3)
    cddl (0.8.27)
      abnc
      abnftt
      cbor-diag
      colorize
      json
      regexp-examples
    colorize (0.8.1)
    json (2.6.1)
    neatjson (0.9)
    polyglot (0.3.5)
    regexp-examples (1.5.1)
    treetop (1.6.11)
      polyglot (~> 0.3)

PLATFORMS
  ruby

DEPENDENCIES
  cddl

BUNDLED WITH
   2.3.6
